{
    "Modality": "MR",
    "MagneticFieldStrength": 3,
    "ImagingFrequency": 123.252,
    "Manufacturer": "Siemens",
    "ManufacturersModelName": "Prisma_fit",
    "InstitutionName": "PSU-SLEIC",
    "InstitutionalDepartmentName": "Department",
    "InstitutionAddress": "University Park Chandlee Laboratory,State College,PA,US,16802",
    "DeviceSerialNumber": "67039",
    "StationName": "AWP67039",
    "BodyPartExamined": "BRAIN",
    "PatientPosition": "HFS",
    "ProcedureStepDescription": "Investigators 20 ch^fgh3",
    "SoftwareVersions": "syngo MR E11",
    "MRAcquisitionType": "2D",
    "SeriesDescription": "T2_FLAIR_AX",
    "ProtocolName": "T2_FLAIR_AX",
    "ScanningSequence": "SE\\IR",
    "SequenceVariant": "SK\\SP\\MP",
    "ScanOptions": "IR\\FS",
    "SequenceName": "*tir2d1_23",
    "ImageType": [
        "ORIGINAL",
        "PRIMARY",
        "M",
        "ND",
        "NORM"
    ],
    "NonlinearGradientCorrection": false,
    "SeriesNumber": 13,
    "AcquisitionTime": "11:24:32.092500",
    "AcquisitionNumber": 1,
    "SliceThickness": 4,
    "SpacingBetweenSlices": 4.8,
    "SAR": 0.515957,
    "EchoTime": 0.124,
    "RepetitionTime": 9,
    "SpoilingState": true,
    "InversionTime": 2.5,
    "FlipAngle": 150,
    "PartialFourier": 1,
    "Interpolation2D": 1,
    "BaseResolution": 256,
    "ShimSetting": [
        -1940,
        8280,
        9554,
        331,
        -58,
        -78,
        -23,
        0
    ],
    "TxRefAmp": 316.631,
    "PhaseResolution": 1,
    "ReceiveCoilName": "HeadNeck_20",
    "ReceiveCoilActiveElements": "HE1-4",
    "PulseSequenceDetails": "%SiemensSeq%\\tse",
    "RefLinesPE": 59,
    "CoilCombinationMethod": "Adaptive Combine",
    "ConsistencyInfo": "N4_VE11C_LATEST_20160120",
    "MatrixCoilMode": "GRAPPA",
    "PercentPhaseFOV": 84.375,
    "PercentSampling": 100,
    "EchoTrainLength": 23,
    "PhaseEncodingSteps": 215,
    "AcquisitionMatrixPE": 216,
    "ReconMatrixPE": 432,
    "ParallelReductionFactorInPlane": 2,
    "PixelBandwidth": 285,
    "DwellTime": 6.8e-06,
    "PhaseEncodingDirection": "i",
    "SliceTiming": [
        0,
        63,
        0.21875,
        63.2188,
        0.44531,
        63.4453,
        0.66406,
        63.6641,
        0.89062,
        63.8906,
        1.10938,
        64.1094,
        1.33594,
        64.3359,
        1.55469,
        64.5547,
        1.78125,
        64.7812,
        2,
        65,
        2.22656,
        65.2266,
        2.44531,
        65.4453,
        2.67188,
        65.6719,
        2.89062,
        65.8906,
        3.11719,
        66.1172,
        3.33594,
        66.3359
    ],
    "ImageOrientationPatientDICOM": [
        1,
        0,
        0,
        0,
        0.995562,
        -0.0941083
    ],
    "ImageOrientationText": "Tra>Cor(-5.4)",
    "InPlanePhaseEncodingDirectionDICOM": "ROW",
    "ConversionSoftware": "dcm2niix",
    "ConversionSoftwareVersion": "v1.0.20220720",
    "Dcm2bidsVersion": "2.1.7"
}